PATH
  remote: .
  specs:
    pipeline (0.4.1)
      brakeman (~> 3.0.5)
      bundler-audit (= 0.3.1)
      curb (~> 0.8.8)
      fastercsv (~> 1.5)
      highline (~> 1.6.20)
      multi_json (~> 1.2)
      terminal-table (~> 1.4)

GEM
  remote: https://rubygems.org/
  specs:
    brakeman (3.0.5)
      erubis (~> 2.6)
      fastercsv (~> 1.5)
      haml (>= 3.0, < 5.0)
      highline (~> 1.6.20)
      multi_json (~> 1.2)
      ruby2ruby (~> 2.1.1)
      ruby_parser (~> 3.7.0)
      sass (~> 3.0)
      terminal-table (~> 1.4)
    bundler-audit (0.3.1)
      bundler (~> 1.2)
      thor (~> 0.18)
    curb (0.8.8)
    erubis (2.7.0)
    fastercsv (1.5.5)
    haml (4.0.7)
      tilt
    highline (1.6.21)
    jsonpath (0.5.7)
      multi_json
    multi_json (1.11.2)
    rake (10.4.2)
    ruby2ruby (2.1.4)
      ruby_parser (~> 3.1)
      sexp_processor (~> 4.0)
    ruby_parser (3.7.1)
      sexp_processor (~> 4.1)
    sass (3.4.18)
    sexp_processor (4.6.0)
    terminal-table (1.5.2)
    thor (0.19.1)
    tilt (2.0.1)

PLATFORMS
  ruby

DEPENDENCIES
  jsonpath
  pipeline!
  rake

BUNDLED WITH
   1.10.6
