PATH
  remote: .
  specs:
    pipeline (0.6.0)
      brakeman (>= 3.0.5)
      bundler-audit (>= 0.3.1)
      curb (>= 0.8.8)
      fastercsv (>= 1.5)
      highline (>= 1.6.20)
      jsonpath (>= 0.5.7)
      multi_json (>= 1.2)
      terminal-table (>= 1.4)

GEM
  remote: https://rubygems.org/
  specs:
    brakeman (3.1.3)
      erubis (~> 2.6)
      fastercsv (~> 1.5)
      haml (>= 3.0, < 5.0)
      highline (>= 1.6.20, < 2.0)
      multi_json (~> 1.2)
      ruby2ruby (>= 2.1.1, < 2.3.0)
      ruby_parser (~> 3.7.0)
      safe_yaml (>= 1.0)
      sass (~> 3.0)
      slim (>= 1.3.6, < 4.0)
      terminal-table (~> 1.4)
    bundler-audit (0.4.0)
      bundler (~> 1.2)
      thor (~> 0.18)
    curb (0.9.0)
    erubis (2.7.0)
    fastercsv (1.5.5)
    haml (4.0.7)
      tilt
    highline (1.7.8)
    jsonpath (0.5.8)
      multi_json
    mini_portile2 (2.0.0)
    multi_json (1.11.2)
    nokogiri (1.6.7.1)
      mini_portile2 (~> 2.0.0.rc2)
    rake (10.4.2)
    ruby2ruby (2.2.0)
      ruby_parser (~> 3.1)
      sexp_processor (~> 4.0)
    ruby_parser (3.7.2)
      sexp_processor (~> 4.1)
    safe_yaml (1.0.4)
    sass (3.4.20)
    sexp_processor (4.6.0)
    slim (3.0.6)
      temple (~> 0.7.3)
      tilt (>= 1.3.3, < 2.1)
    temple (0.7.6)
    terminal-table (1.5.2)
    thor (0.19.1)
    tilt (2.0.1)

PLATFORMS
  ruby

DEPENDENCIES
  jsonpath
  nokogiri
  pipeline!
  rake

BUNDLED WITH
   1.10.6
